GEM
  remote: https://rubygems.org/
  specs:
    newrelic_rpm (7.2.0)

PLATFORMS
  ruby

DEPENDENCIES
  newrelic_rpm (~> 7.2.0)

RUBY VERSION
   ruby 2.7.3p183

BUNDLED WITH
   2.1.4
